GEM
  remote: http://rubygems.org/
  specs:
    activesupport (3.0.5)
    addressable (2.2.1)
    backports (2.0.2)
    bouncy-castle-java (1.5.0145.2)
    capistrano (2.5.19)
      highline
      net-scp (>= 1.0.0)
      net-sftp (>= 2.0.0)
      net-ssh (>= 2.0.14)
      net-ssh-gateway (>= 1.0.0)
    data_objects (0.10.2)
      addressable (~> 2.1)
    dm-core (1.0.2)
      addressable (~> 2.2)
      extlib (~> 0.9.15)
    dm-do-adapter (1.0.2)
      data_objects (~> 0.10.2)
      dm-core (~> 1.0.2)
    dm-serializer (1.0.2)
      dm-core (~> 1.0.2)
      fastercsv (~> 1.5.3)
      json_pure (~> 1.4)
    dm-sqlserver-adapter (1.0.2)
      dm-do-adapter (~> 1.0.2)
      do_sqlserver (~> 0.10.2)
    dm-validations (1.0.2)
      dm-core (~> 1.0.2)
    do-jdbc_sqlserver (1.2.4-java)
    do_jdbc (0.10.2-java)
      data_objects (= 0.10.2)
    do_sqlserver (0.10.2-java)
      data_objects (= 0.10.2)
      do-jdbc_sqlserver (~> 1.2.4)
      do_jdbc (= 0.10.2)
    extlib (0.9.15)
    fastercsv (1.5.3)
    haml (3.0.18)
    highline (1.6.1)
    i18n (0.5.0)
    jrexml (0.5.3)
    jruby-openssl (0.7.1)
      bouncy-castle-java
    json_pure (1.4.6)
    monkey-lib (0.5.4)
      backports
    net-scp (1.0.4)
      net-ssh (>= 1.99.1)
    net-sftp (2.0.5)
      net-ssh (>= 2.0.9)
    net-ssh (2.0.23)
    net-ssh-gateway (1.0.1)
      net-ssh (>= 1.99.1)
    rack (1.2.2)
    rack-jetty (0.2.0)
      rack (>= 1.0.0)
    rchardet (1.3)
    sinatra (1.2.1)
      rack (~> 1.1)
      tilt (>= 1.2.2, < 2.0)
    sinatra-advanced-routes (0.5.1)
      monkey-lib (~> 0.5.0)
      sinatra (~> 1.0)
      sinatra-sugar (~> 0.5.0)
    sinatra-reloader (0.5.0)
      sinatra (~> 1.0)
      sinatra-advanced-routes (~> 0.5.0)
    sinatra-sugar (0.5.0)
      monkey-lib (~> 0.5.0)
      sinatra (~> 1.0)
    tilt (1.2.2)

PLATFORMS
  java

DEPENDENCIES
  activesupport
  capistrano
  dm-core (~> 1.0.2)
  dm-serializer (~> 1.0.2)
  dm-sqlserver-adapter (~> 1.0.2)
  dm-validations (~> 1.0.2)
  haml
  i18n
  jrexml
  jruby-openssl
  rack-jetty
  rchardet
  sinatra
  sinatra-reloader
